GEM
  remote: https://rubygems.org/
  specs:

PLATFORMS
  ruby
  x86_64-linux

DEPENDENCIES

RUBY VERSION
   ruby 3.2.2p53

BUNDLED WITH
   2.5.1
